PATH
  remote: .
  specs:
    eco-classifier (0.5)

GEM
  remote: https://rubygems.org/
  specs:
    coderay (1.1.2)
    method_source (0.9.0)
    minitest (5.11.3)
    pry (0.11.3)
      coderay (~> 1.1.0)
      method_source (~> 0.9.0)
    rake (10.5.0)

PLATFORMS
  ruby

DEPENDENCIES
  eco-classifier!
  minitest (~> 5.0)
  pry (~> 0.10)
  rake (~> 10.0)

BUNDLED WITH
   1.16.2
